PATH
  remote: ../storage
  specs:
    storage (0.1.0)

GEM
  remote: http://rubygems.org/
  specs:
    json (2.0.2)
    rack (1.6.4)
    rack-protection (1.5.3)
      rack
    sinatra (1.4.7)
      rack (~> 1.5)
      rack-protection (~> 1.4)
      tilt (>= 1.3, < 3)
    tilt (2.0.2)

PLATFORMS
  x86-mingw32

DEPENDENCIES
  json
  sinatra
  storage!

BUNDLED WITH
   1.13.6
