GEM
  remote: http://rubygems.org/
  specs:
    aws-s3 (0.6.3)
      builder
      mime-types
      xml-simple
    builder (3.2.2)
    json (2.0.2)
    mime-types (3.1)
      mime-types-data (~> 3.2015)
    mime-types-data (3.2016.0521)
    rack (1.6.4)
    rack-protection (1.5.3)
      rack
    sinatra (1.4.7)
      rack (~> 1.5)
      rack-protection (~> 1.4)
      tilt (>= 1.3, < 3)
    storage (0.1.0)
      aws-s3
    tilt (2.0.2)
    xml-simple (1.1.5)

PLATFORMS
  x86-mingw32

DEPENDENCIES
  json
  sinatra
  storage (= 0.1.0)

BUNDLED WITH
   1.13.6
